PATH
  remote: .
  specs:
    authorized_transaction (0.3.0)
      activesupport (>= 4.0.0)

GEM
  remote: https://rubygems.org/
  specs:
    activesupport (6.1.7.8)
      concurrent-ruby (~> 1.0, >= 1.0.2)
      i18n (>= 1.6, < 2)
      minitest (>= 5.1)
      tzinfo (~> 2.0)
      zeitwerk (~> 2.3)
    concurrent-ruby (1.3.1)
    i18n (1.14.5)
      concurrent-ruby (~> 1.0)
    minitest (5.25.0)
    rake (13.2.1)
    tzinfo (2.0.6)
      concurrent-ruby (~> 1.0)
    zeitwerk (2.6.15)

PLATFORMS
  ruby
  x64-mingw32

DEPENDENCIES
  authorized_transaction!
  bundler (~> 2.0)
  minitest (~> 5.0)
  rake (~> 13.0)

BUNDLED WITH
   2.0.1
